GEM
  remote: https://mirrors.aliyun.com/rubygems/
  specs:
    base64 (0.2.0)
    mustermann (2.0.2)
      ruby2_keywords (~> 0.0.1)
    ostruct (0.6.1)
    rack (2.2.13)
    rack-protection (2.2.4)
      rack
    ruby2_keywords (0.0.5)
    sinatra (2.2.4)
      mustermann (~> 2.0)
      rack (~> 2.2)
      rack-protection (= 2.2.4)
      tilt (~> 2.0)
    tilt (2.6.0)
    webrick (1.9.1)

PLATFORMS
  universal-darwin-24
  x86_64-linux

DEPENDENCIES
  base64
  ostruct
  sinatra (~> 2.2)
  webrick (~> 1.7)

RUBY VERSION
   ruby 3.4.2p28

BUNDLED WITH
   2.6.3
